RESTRICTION: == net8.0
NUGET
  remote: https://api.nuget.org/v3/index.json
    Be.Vlaanderen.Basisregisters.AggregateSource (9.0.1) - copy_local: true, copy_content_to_output_dir: always, content: true
      Be.Vlaanderen.Basisregisters.Utilities.HashCodeCalculator (>= 4.0)
      Be.Vlaanderen.Basisregisters.Utilities.HexByteConvertor (>= 4.0)
      Be.Vlaanderen.Basisregisters.Utilities.ToStringBuilder (>= 4.0)
      Newtonsoft.Json (>= 13.0.3)
      NodaTime (>= 3.1.11)
    Be.Vlaanderen.Basisregisters.Build.Pipeline (7.1)
    Be.Vlaanderen.Basisregisters.Converters.TrimString (4.0) - copy_local: true, copy_content_to_output_dir: always, content: true
      Newtonsoft.Json (>= 13.0.3)
    Be.Vlaanderen.Basisregisters.EventHandling (5.0) - copy_local: true, copy_content_to_output_dir: always, content: true
      Be.Vlaanderen.Basisregisters.Converters.TrimString (>= 4.0)
      Newtonsoft.Json (>= 13.0.3)
      NodaTime.Serialization.JsonNet (>= 3.1)
    Be.Vlaanderen.Basisregisters.Grb.Building.Api.Abstractions (2.0)
      MediatR.Contracts (>= 2.0.1)
    Be.Vlaanderen.Basisregisters.Testing.Infrastructure.Events (4.0) - copy_local: true, copy_content_to_output_dir: always, content: true
      Be.Vlaanderen.Basisregisters.AggregateSource (>= 9.0.1)
      Be.Vlaanderen.Basisregisters.EventHandling (>= 5.0)
      FluentAssertions (>= 6.12)
      Newtonsoft.Json (>= 13.0.3)
      xunit (>= 2.7)
    Be.Vlaanderen.Basisregisters.TicketingService.Abstractions (2.0)
      System.Text.Json (>= 8.0.3)
    Be.Vlaanderen.Basisregisters.TicketingService.Proxy.HttpProxy (2.0)
      Microsoft.Extensions.DependencyInjection (>= 8.0)
      Microsoft.Extensions.Http (>= 8.0)
      System.Net.Http.Json (>= 8.0)
    Be.Vlaanderen.Basisregisters.Utilities.HashCodeCalculator (4.0) - copy_local: true, copy_content_to_output_dir: always, content: true
    Be.Vlaanderen.Basisregisters.Utilities.HexByteConvertor (4.0) - copy_local: true, copy_content_to_output_dir: always, content: true
    Be.Vlaanderen.Basisregisters.Utilities.ToStringBuilder (4.0) - copy_local: true, copy_content_to_output_dir: always, content: true
    CsvHelper (32.0.1)
    FluentAssertions (6.12) - copy_local: true, copy_content_to_output_dir: always, content: true
      System.Configuration.ConfigurationManager (>= 4.4)
    Flurl (4.0)
    IdentityModel (6.2)
    MediatR.Contracts (2.0.1)
    Microsoft.CodeCoverage (17.9)
    Microsoft.Extensions.Configuration (8.0)
      Microsoft.Extensions.Configuration.Abstractions (>= 8.0)
      Microsoft.Extensions.Primitives (>= 8.0)
    Microsoft.Extensions.Configuration.Abstractions (8.0)
      Microsoft.Extensions.Primitives (>= 8.0)
    Microsoft.Extensions.Configuration.Binder (8.0)
      Microsoft.Extensions.Configuration.Abstractions (>= 8.0)
    Microsoft.Extensions.Configuration.EnvironmentVariables (8.0)
      Microsoft.Extensions.Configuration (>= 8.0)
      Microsoft.Extensions.Configuration.Abstractions (>= 8.0)
    Microsoft.Extensions.Configuration.FileExtensions (8.0)
      Microsoft.Extensions.Configuration (>= 8.0)
      Microsoft.Extensions.Configuration.Abstractions (>= 8.0)
      Microsoft.Extensions.FileProviders.Abstractions (>= 8.0)
      Microsoft.Extensions.FileProviders.Physical (>= 8.0)
      Microsoft.Extensions.Primitives (>= 8.0)
    Microsoft.Extensions.Configuration.Json (8.0)
      Microsoft.Extensions.Configuration (>= 8.0)
      Microsoft.Extensions.Configuration.Abstractions (>= 8.0)
      Microsoft.Extensions.Configuration.FileExtensions (>= 8.0)
      Microsoft.Extensions.FileProviders.Abstractions (>= 8.0)
      System.Text.Json (>= 8.0)
    Microsoft.Extensions.DependencyInjection (8.0)
      Microsoft.Extensions.DependencyInjection.Abstractions (>= 8.0)
    Microsoft.Extensions.DependencyInjection.Abstractions (8.0.1)
    Microsoft.Extensions.Diagnostics (8.0)
      Microsoft.Extensions.Configuration (>= 8.0)
      Microsoft.Extensions.Diagnostics.Abstractions (>= 8.0)
      Microsoft.Extensions.Options.ConfigurationExtensions (>= 8.0)
    Microsoft.Extensions.Diagnostics.Abstractions (8.0)
      Microsoft.Extensions.DependencyInjection.Abstractions (>= 8.0)
      Microsoft.Extensions.Options (>= 8.0)
      System.Diagnostics.DiagnosticSource (>= 8.0)
    Microsoft.Extensions.FileProviders.Abstractions (8.0)
      Microsoft.Extensions.Primitives (>= 8.0)
    Microsoft.Extensions.FileProviders.Physical (8.0)
      Microsoft.Extensions.FileProviders.Abstractions (>= 8.0)
      Microsoft.Extensions.FileSystemGlobbing (>= 8.0)
      Microsoft.Extensions.Primitives (>= 8.0)
    Microsoft.Extensions.FileSystemGlobbing (8.0)
    Microsoft.Extensions.Http (8.0)
      Microsoft.Extensions.Configuration.Abstractions (>= 8.0)
      Microsoft.Extensions.DependencyInjection.Abstractions (>= 8.0)
      Microsoft.Extensions.Diagnostics (>= 8.0)
      Microsoft.Extensions.Logging (>= 8.0)
      Microsoft.Extensions.Logging.Abstractions (>= 8.0)
      Microsoft.Extensions.Options (>= 8.0)
    Microsoft.Extensions.Logging (8.0)
      Microsoft.Extensions.DependencyInjection (>= 8.0)
      Microsoft.Extensions.Logging.Abstractions (>= 8.0)
      Microsoft.Extensions.Options (>= 8.0)
    Microsoft.Extensions.Logging.Abstractions (8.0.1)
      Microsoft.Extensions.DependencyInjection.Abstractions (>= 8.0.1)
    Microsoft.Extensions.Options (8.0.2)
      Microsoft.Extensions.DependencyInjection.Abstractions (>= 8.0)
      Microsoft.Extensions.Primitives (>= 8.0)
    Microsoft.Extensions.Options.ConfigurationExtensions (8.0)
      Microsoft.Extensions.Configuration.Abstractions (>= 8.0)
      Microsoft.Extensions.Configuration.Binder (>= 8.0)
      Microsoft.Extensions.DependencyInjection.Abstractions (>= 8.0)
      Microsoft.Extensions.Options (>= 8.0)
      Microsoft.Extensions.Primitives (>= 8.0)
    Microsoft.Extensions.Primitives (8.0)
    Microsoft.NET.Test.Sdk (17.9)
      Microsoft.CodeCoverage (>= 17.9)
      Microsoft.TestPlatform.TestHost (>= 17.9)
    Microsoft.TestPlatform.ObjectModel (17.9)
      System.Reflection.Metadata (>= 1.6)
    Microsoft.TestPlatform.TestHost (17.9)
      Microsoft.TestPlatform.ObjectModel (>= 17.9)
      Newtonsoft.Json (>= 13.0.1)
    Newtonsoft.Json (13.0.3) - copy_local: true, copy_content_to_output_dir: always, content: true
    NodaTime (3.1.11) - copy_local: true, copy_content_to_output_dir: always, content: true
      System.Runtime.CompilerServices.Unsafe (>= 4.7.1)
    NodaTime.Serialization.JsonNet (3.1) - copy_local: true, copy_content_to_output_dir: always, content: true
      Newtonsoft.Json (>= 13.0.3)
      NodaTime (>= 3.0 < 4.0)
    SourceLink.Copy.PdbFiles (2.8.3) - copy_local: true
    SourceLink.Embed.AllSourceFiles (2.8.3) - copy_local: true
    System.Collections.Immutable (8.0)
    System.Configuration.ConfigurationManager (8.0) - copy_local: true, copy_content_to_output_dir: always, content: true
      System.Diagnostics.EventLog (>= 8.0)
      System.Security.Cryptography.ProtectedData (>= 8.0)
    System.Diagnostics.DiagnosticSource (8.0)
    System.Diagnostics.EventLog (8.0) - copy_local: true, copy_content_to_output_dir: always, content: true
    System.Net.Http.Json (8.0)
      System.Text.Json (>= 8.0)
    System.Reflection.Metadata (8.0)
      System.Collections.Immutable (>= 8.0)
    System.Runtime.CompilerServices.Unsafe (6.0) - copy_local: true, copy_content_to_output_dir: always, content: true
    System.Security.Cryptography.ProtectedData (8.0) - copy_local: true, copy_content_to_output_dir: always, content: true
    System.Text.Encodings.Web (8.0)
    System.Text.Json (8.0.3)
      System.Text.Encodings.Web (>= 8.0)
    xunit (2.7)
      xunit.analyzers (>= 1.11)
      xunit.assert (>= 2.7)
      xunit.core (2.7)
    xunit.abstractions (2.0.3)
    xunit.analyzers (1.11)
    xunit.assert (2.7)
    xunit.core (2.7)
      xunit.extensibility.core (2.7)
      xunit.extensibility.execution (2.7)
    xunit.extensibility.core (2.7)
      xunit.abstractions (>= 2.0.3)
    xunit.extensibility.execution (2.7)
      xunit.extensibility.core (2.7)
    xunit.runner.visualstudio (2.5.7)
